PATH
  remote: .
  specs:
    matrixeval-ruby (0.1.0)
      concurrent-ruby
      rainbow (~> 3.1)
      terminal-table

GEM
  remote: https://rubygems.org/
  specs:
    byebug (11.1.3)
    concurrent-ruby (1.1.9)
    minitest (5.15.0)
    minitest-focus (1.3.1)
      minitest (>= 4, < 6)
    mocha (1.13.0)
    rainbow (3.1.1)
    rake (13.0.6)
    terminal-table (3.0.2)
      unicode-display_width (>= 1.1.1, < 3)
    unicode-display_width (2.1.0)

PLATFORMS
  x86_64-darwin-19
  x86_64-linux

DEPENDENCIES
  byebug
  matrixeval-ruby!
  minitest (~> 5.0)
  minitest-focus
  mocha
  rake (~> 13.0)

BUNDLED WITH
   2.2.32
